GEM
  remote: http://rubygems.org/
  specs:
    bouncy-castle-java (1.5.0146.1)
    columnize (0.3.6)
    jruby-openssl (0.7.5)
      bouncy-castle-java (>= 1.5.0146.1)
    json (1.6.5-java)
    ruby-debug (0.10.4)
      columnize (>= 0.1)
      ruby-debug-base (~> 0.10.4.0)
    ruby-debug-base (0.10.4-java)

PLATFORMS
  java

DEPENDENCIES
  jruby-openssl
  json
  ruby-debug
