GEM
  remote: http://rubygems.org/
  specs:
    celluloid (0.8.0)
    json (1.6.5-java)

PLATFORMS
  java

DEPENDENCIES
  celluloid (~> 0.8.0)
  json
