GEM
  remote: http://rubygems.org/
  specs:
    celluloid (0.8.0)

PLATFORMS
  java

DEPENDENCIES
  celluloid (~> 0.8.0)
